GEM
  remote: https://rubygems.org/
  specs:
    base32 (0.3.4)
    base64 (0.2.0)
    bech32 (1.4.2)
      thor (>= 1.1.0)
    bigdecimal (3.1.9)
    bip-schnorr (0.7.0)
      ecdsa_ext (~> 0.5.0)
    bitcoinrb (1.8.0)
      base32 (>= 0.3.4)
      base64 (~> 0.2.0)
      bech32 (>= 1.3.0)
      bip-schnorr (>= 0.7.0)
      daemon-spawn
      ecdsa_ext (~> 0.5.1)
      eventmachine
      eventmachine_httpserver
      iniparse
      json_pure (>= 2.3.1, < 2.8.0)
      leb128 (~> 1.0.0)
      murmurhash3 (~> 0.1.7)
      observer (~> 0.1.2)
      secp256k1rb (= 0.1.1)
      siphash
      thor
    csv (3.3.2)
    daemon-spawn (0.4.2)
    ecdsa (1.2.0)
    ecdsa_ext (0.5.1)
      ecdsa (~> 1.2.0)
    eventmachine (1.2.7)
    eventmachine_httpserver (0.2.1)
    ffi (1.17.1-arm64-darwin)
    httparty (0.22.0)
      csv
      mini_mime (>= 1.0.0)
      multi_xml (>= 0.5.2)
    iniparse (1.5.0)
    json_pure (2.7.6)
    leb128 (1.0.0)
    mini_mime (1.1.5)
    multi_xml (0.7.1)
      bigdecimal (~> 3.1)
    murmurhash3 (0.1.7)
    observer (0.1.2)
    secp256k1rb (0.1.1)
      ffi (>= 1.16.3)
    siphash (0.0.1)
    thor (1.3.2)

PLATFORMS
  arm64-darwin-22
  arm64-darwin-24

DEPENDENCIES
  bitcoinrb
  httparty
  thor

BUNDLED WITH
   2.4.14
